NUGET
  remote: https://api.nuget.org/v3/index.json
    FSharp.Core (4.5.2) - restriction: >= net45
    Humanizer (2.5.16) - restriction: >= net45
      Humanizer.Core.af (>= 2.5.16)
      Humanizer.Core.ar (>= 2.5.16)
      Humanizer.Core.bg (>= 2.5.16)
      Humanizer.Core.bn-BD (>= 2.5.16)
      Humanizer.Core.cs (>= 2.5.16)
      Humanizer.Core.da (>= 2.5.16)
      Humanizer.Core.de (>= 2.5.16)
      Humanizer.Core.el (>= 2.5.16)
      Humanizer.Core.es (>= 2.5.16)
      Humanizer.Core.fa (>= 2.5.16)
      Humanizer.Core.fi-FI (>= 2.5.16)
      Humanizer.Core.fr (>= 2.5.16)
      Humanizer.Core.fr-BE (>= 2.5.16)
      Humanizer.Core.he (>= 2.5.16)
      Humanizer.Core.hr (>= 2.5.16)
      Humanizer.Core.hu (>= 2.5.16)
      Humanizer.Core.id (>= 2.5.16)
      Humanizer.Core.it (>= 2.5.16)
      Humanizer.Core.ja (>= 2.5.16)
      Humanizer.Core.lv (>= 2.5.16)
      Humanizer.Core.ms-MY (>= 2.5.16)
      Humanizer.Core.mt (>= 2.5.16)
      Humanizer.Core.nb (>= 2.5.16)
      Humanizer.Core.nb-NO (>= 2.5.16)
      Humanizer.Core.nl (>= 2.5.16)
      Humanizer.Core.pl (>= 2.5.16)
      Humanizer.Core.pt (>= 2.5.16)
      Humanizer.Core.ro (>= 2.5.16)
      Humanizer.Core.ru (>= 2.5.16)
      Humanizer.Core.sk (>= 2.5.16)
      Humanizer.Core.sl (>= 2.5.16)
      Humanizer.Core.sr (>= 2.5.16)
      Humanizer.Core.sr-Latn (>= 2.5.16)
      Humanizer.Core.sv (>= 2.5.16)
      Humanizer.Core.tr (>= 2.5.16)
      Humanizer.Core.uk (>= 2.5.16)
      Humanizer.Core.uz-Cyrl-UZ (>= 2.5.16)
      Humanizer.Core.uz-Latn-UZ (>= 2.5.16)
      Humanizer.Core.vi (>= 2.5.16)
      Humanizer.Core.zh-CN (>= 2.5.16)
      Humanizer.Core.zh-Hans (>= 2.5.16)
      Humanizer.Core.zh-Hant (>= 2.5.16)
    Humanizer.Core (2.5.16) - restriction: >= net45
      NETStandard.Library (>= 1.6.1) - restriction: && (>= netstandard1.0) (< netstandard2.0)
    Humanizer.Core.af (2.5.16) - restriction: >= net45
      Humanizer.Core (2.5.16)
    Humanizer.Core.ar (2.5.16) - restriction: >= net45
      Humanizer.Core (2.5.16)
    Humanizer.Core.bg (2.5.16) - restriction: >= net45
      Humanizer.Core (2.5.16)
    Humanizer.Core.bn-BD (2.5.16) - restriction: >= net45
      Humanizer.Core (2.5.16)
    Humanizer.Core.cs (2.5.16) - restriction: >= net45
      Humanizer.Core (2.5.16)
    Humanizer.Core.da (2.5.16) - restriction: >= net45
      Humanizer.Core (2.5.16)
    Humanizer.Core.de (2.5.16) - restriction: >= net45
      Humanizer.Core (2.5.16)
    Humanizer.Core.el (2.5.16) - restriction: >= net45
      Humanizer.Core (2.5.16)
    Humanizer.Core.es (2.5.16) - restriction: >= net45
      Humanizer.Core (2.5.16)
    Humanizer.Core.fa (2.5.16) - restriction: >= net45
      Humanizer.Core (2.5.16)
    Humanizer.Core.fi-FI (2.5.16) - restriction: >= net45
      Humanizer.Core (2.5.16)
    Humanizer.Core.fr (2.5.16) - restriction: >= net45
      Humanizer.Core (2.5.16)
    Humanizer.Core.fr-BE (2.5.16) - restriction: >= net45
      Humanizer.Core (2.5.16)
    Humanizer.Core.he (2.5.16) - restriction: >= net45
      Humanizer.Core (2.5.16)
    Humanizer.Core.hr (2.5.16) - restriction: >= net45
      Humanizer.Core (2.5.16)
    Humanizer.Core.hu (2.5.16) - restriction: >= net45
      Humanizer.Core (2.5.16)
    Humanizer.Core.id (2.5.16) - restriction: >= net45
      Humanizer.Core (2.5.16)
    Humanizer.Core.it (2.5.16) - restriction: >= net45
      Humanizer.Core (2.5.16)
    Humanizer.Core.ja (2.5.16) - restriction: >= net45
      Humanizer.Core (2.5.16)
    Humanizer.Core.lv (2.5.16) - restriction: >= net45
      Humanizer.Core (2.5.16)
    Humanizer.Core.ms-MY (2.5.16) - restriction: >= net45
      Humanizer.Core (2.5.16)
    Humanizer.Core.mt (2.5.16) - restriction: >= net45
      Humanizer.Core (2.5.16)
    Humanizer.Core.nb (2.5.16) - restriction: >= net45
      Humanizer.Core (2.5.16)
    Humanizer.Core.nb-NO (2.5.16) - restriction: >= net45
      Humanizer.Core (2.5.16)
    Humanizer.Core.nl (2.5.16) - restriction: >= net45
      Humanizer.Core (2.5.16)
    Humanizer.Core.pl (2.5.16) - restriction: >= net45
      Humanizer.Core (2.5.16)
    Humanizer.Core.pt (2.5.16) - restriction: >= net45
      Humanizer.Core (2.5.16)
    Humanizer.Core.ro (2.5.16) - restriction: >= net45
      Humanizer.Core (2.5.16)
    Humanizer.Core.ru (2.5.16) - restriction: >= net45
      Humanizer.Core (2.5.16)
    Humanizer.Core.sk (2.5.16) - restriction: >= net45
      Humanizer.Core (2.5.16)
    Humanizer.Core.sl (2.5.16) - restriction: >= net45
      Humanizer.Core (2.5.16)
    Humanizer.Core.sr (2.5.16) - restriction: >= net45
      Humanizer.Core (2.5.16)
    Humanizer.Core.sr-Latn (2.5.16) - restriction: >= net45
      Humanizer.Core (2.5.16)
    Humanizer.Core.sv (2.5.16) - restriction: >= net45
      Humanizer.Core (2.5.16)
    Humanizer.Core.tr (2.5.16) - restriction: >= net45
      Humanizer.Core (2.5.16)
    Humanizer.Core.uk (2.5.16) - restriction: >= net45
      Humanizer.Core (2.5.16)
    Humanizer.Core.uz-Cyrl-UZ (2.5.16) - restriction: >= net45
      Humanizer.Core (2.5.16)
    Humanizer.Core.uz-Latn-UZ (2.5.16) - restriction: >= net45
      Humanizer.Core (2.5.16)
    Humanizer.Core.vi (2.5.16) - restriction: >= net45
      Humanizer.Core (2.5.16)
    Humanizer.Core.zh-CN (2.5.16) - restriction: >= net45
      Humanizer.Core (2.5.16)
    Humanizer.Core.zh-Hans (2.5.16) - restriction: >= net45
      Humanizer.Core (2.5.16)
    Humanizer.Core.zh-Hant (2.5.16) - restriction: >= net45
      Humanizer.Core (2.5.16)
    Microsoft.Azure.KeyVault.Core (1.0) - restriction: >= net45
    Microsoft.NETCore.Platforms (1.1) - restriction: >= net45
    Microsoft.Win32.Primitives (4.3) - restriction: && (>= net45) (>= netstandard1.3)
    NETStandard.Library (1.6.1) - restriction: >= net45
      Microsoft.NETCore.Platforms (>= 1.1) - restriction: >= netstandard1.0
      Microsoft.Win32.Primitives (>= 4.3) - restriction: >= netstandard1.3
      System.AppContext (>= 4.3) - restriction: >= netstandard1.3
      System.Collections (>= 4.3) - restriction: >= netstandard1.0
      System.Collections.Concurrent (>= 4.3) - restriction: >= netstandard1.1
      System.Console (>= 4.3) - restriction: >= netstandard1.3
      System.Diagnostics.Debug (>= 4.3) - restriction: >= netstandard1.0
      System.Diagnostics.Tools (>= 4.3) - restriction: >= netstandard1.0
      System.Diagnostics.Tracing (>= 4.3) - restriction: >= netstandard1.1
      System.Globalization (>= 4.3) - restriction: >= netstandard1.0
      System.Globalization.Calendars (>= 4.3) - restriction: >= netstandard1.3
      System.IO (>= 4.3) - restriction: >= netstandard1.0
      System.IO.Compression (>= 4.3) - restriction: >= netstandard1.1
      System.IO.Compression.ZipFile (>= 4.3) - restriction: >= netstandard1.3
      System.IO.FileSystem (>= 4.3) - restriction: >= netstandard1.3
      System.IO.FileSystem.Primitives (>= 4.3) - restriction: >= netstandard1.3
      System.Linq (>= 4.3) - restriction: >= netstandard1.0
      System.Linq.Expressions (>= 4.3) - restriction: >= netstandard1.0
      System.Net.Http (>= 4.3) - restriction: >= netstandard1.1
      System.Net.Primitives (>= 4.3) - restriction: >= netstandard1.0
      System.Net.Sockets (>= 4.3) - restriction: >= netstandard1.3
      System.ObjectModel (>= 4.3) - restriction: >= netstandard1.0
      System.Reflection (>= 4.3) - restriction: >= netstandard1.0
      System.Reflection.Extensions (>= 4.3) - restriction: >= netstandard1.0
      System.Reflection.Primitives (>= 4.3) - restriction: >= netstandard1.0
      System.Resources.ResourceManager (>= 4.3) - restriction: >= netstandard1.0
      System.Runtime (>= 4.3) - restriction: >= netstandard1.0
      System.Runtime.Extensions (>= 4.3) - restriction: >= netstandard1.0
      System.Runtime.Handles (>= 4.3) - restriction: >= netstandard1.3
      System.Runtime.InteropServices (>= 4.3) - restriction: >= netstandard1.1
      System.Runtime.InteropServices.RuntimeInformation (>= 4.3) - restriction: >= netstandard1.1
      System.Runtime.Numerics (>= 4.3) - restriction: >= netstandard1.1
      System.Security.Cryptography.Algorithms (>= 4.3) - restriction: >= netstandard1.3
      System.Security.Cryptography.Encoding (>= 4.3) - restriction: >= netstandard1.3
      System.Security.Cryptography.Primitives (>= 4.3) - restriction: >= netstandard1.3
      System.Security.Cryptography.X509Certificates (>= 4.3) - restriction: >= netstandard1.3
      System.Text.Encoding (>= 4.3) - restriction: >= netstandard1.0
      System.Text.Encoding.Extensions (>= 4.3) - restriction: >= netstandard1.0
      System.Text.RegularExpressions (>= 4.3) - restriction: >= netstandard1.0
      System.Threading (>= 4.3) - restriction: >= netstandard1.0
      System.Threading.Tasks (>= 4.3) - restriction: >= netstandard1.0
      System.Threading.Timer (>= 4.3) - restriction: >= netstandard1.2
      System.Xml.ReaderWriter (>= 4.3) - restriction: >= netstandard1.0
      System.Xml.XDocument (>= 4.3) - restriction: >= netstandard1.0
    Newtonsoft.Json (12.0.1) - restriction: >= net45
    System.AppContext (4.3) - restriction: && (>= net45) (>= netstandard1.3)
    System.Collections (4.3) - restriction: >= net45
    System.Collections.Concurrent (4.3) - restriction: >= net45
    System.Console (4.3.1) - restriction: && (>= net45) (>= netstandard1.3)
    System.Diagnostics.Debug (4.3) - restriction: >= net45
    System.Diagnostics.DiagnosticSource (4.5.1) - restriction: || (&& (>= dnxcore50) (>= net45)) (>= net46)
    System.Diagnostics.Tools (4.3) - restriction: >= net45
    System.Diagnostics.Tracing (4.3) - restriction: >= net45
    System.Globalization (4.3) - restriction: >= net45
    System.Globalization.Calendars (4.3) - restriction: && (>= net45) (>= netstandard1.3)
    System.IO (4.3) - restriction: >= net45
    System.IO.Compression (4.3) - restriction: >= net45
    System.IO.Compression.ZipFile (4.3) - restriction: && (>= net45) (>= netstandard1.3)
    System.IO.FileSystem (4.3) - restriction: && (>= net45) (>= netstandard1.3)
      System.IO.FileSystem.Primitives (>= 4.3) - restriction: || (&& (< monoandroid) (< monotouch) (>= netstandard1.3) (< xamarinios) (< xamarinmac) (< xamarintvos) (< xamarinwatchos)) (>= net46)
    System.IO.FileSystem.Primitives (4.3) - restriction: && (>= net45) (>= netstandard1.3)
    System.Linq (4.3) - restriction: >= net45
    System.Linq.Expressions (4.3) - restriction: >= net45
    System.Net.Http (4.3) - restriction: >= net45
      System.Diagnostics.DiagnosticSource (>= 4.3) - restriction: || (>= dnxcore50) (&& (< monoandroid) (< monotouch) (< net45) (>= netstandard1.6) (< xamarinios) (< xamarinmac) (< xamarintvos) (< xamarinwatchos)) (&& (< monoandroid) (< net45) (>= netstandard1.3) (< netstandard1.6) (< win8) (< wpa81)) (>= net46)
      System.Security.Cryptography.X509Certificates (>= 4.3) - restriction: || (>= dnxcore50) (&& (< monoandroid) (< monotouch) (< net45) (>= netstandard1.6) (< xamarinios) (< xamarinmac) (< xamarintvos) (< xamarinwatchos)) (&& (< monoandroid) (< net45) (>= netstandard1.3) (< netstandard1.6) (< win8) (< wpa81)) (>= net46)
    System.Net.Primitives (4.3) - restriction: >= net45
    System.Net.Sockets (4.3) - restriction: && (>= net45) (>= netstandard1.3)
    System.ObjectModel (4.3) - restriction: >= net45
    System.Reflection (4.3) - restriction: >= net45
    System.Reflection.Extensions (4.3) - restriction: >= net45
    System.Reflection.Primitives (4.3) - restriction: >= net45
    System.Resources.ResourceManager (4.3) - restriction: >= net45
    System.Runtime (4.3) - restriction: >= net45
    System.Runtime.Extensions (4.3) - restriction: >= net45
    System.Runtime.Handles (4.3) - restriction: && (>= net45) (>= netstandard1.3)
    System.Runtime.InteropServices (4.3) - restriction: >= net45
      System.Runtime (>= 4.3) - restriction: || (>= dnxcore50) (&& (< monoandroid) (< monotouch) (< net45) (>= netstandard1.5) (< win8) (< wpa81) (< xamarinios) (< xamarinmac) (< xamarintvos) (< xamarinwatchos)) (&& (< monoandroid) (< net45) (>= netstandard1.1) (< netstandard1.2) (< win8)) (&& (< monoandroid) (< net45) (>= netstandard1.2) (< netstandard1.3) (< win8) (< wpa81)) (&& (< monoandroid) (< net45) (>= netstandard1.3) (< netstandard1.5) (< win8) (< wpa81)) (>= net462) (>= netcoreapp1.1)
    System.Runtime.InteropServices.RuntimeInformation (4.3) - restriction: >= net45
    System.Runtime.Numerics (4.3) - restriction: >= net45
    System.Security.Cryptography.Algorithms (4.3.1) - restriction: && (>= net45) (>= netstandard1.3)
      System.IO (>= 4.3) - restriction: || (>= dnxcore50) (&& (< monoandroid) (< monotouch) (< net46) (>= netstandard1.6) (< xamarinios) (< xamarinmac) (< xamarintvos) (< xamarinwatchos)) (&& (< monoandroid) (< net46) (>= netstandard1.3) (< netstandard1.4)) (&& (< monoandroid) (< net46) (>= netstandard1.4) (< netstandard1.6)) (>= net463)
      System.Runtime (>= 4.3) - restriction: || (>= dnxcore50) (&& (< monoandroid) (< monotouch) (< net46) (>= netstandard1.6) (< xamarinios) (< xamarinmac) (< xamarintvos) (< xamarinwatchos)) (&& (< monoandroid) (< net46) (>= netstandard1.3) (< netstandard1.4)) (&& (< monoandroid) (< net46) (>= netstandard1.4) (< netstandard1.6)) (>= net463)
      System.Security.Cryptography.Encoding (>= 4.3) - restriction: || (>= dnxcore50) (&& (< monoandroid) (< monotouch) (< net46) (>= netstandard1.6) (< xamarinios) (< xamarinmac) (< xamarintvos) (< xamarinwatchos)) (>= net463)
      System.Security.Cryptography.Primitives (>= 4.3) - restriction: || (>= dnxcore50) (&& (< monoandroid) (< monotouch) (< net46) (>= netstandard1.6) (< xamarinios) (< xamarinmac) (< xamarintvos) (< xamarinwatchos)) (&& (< monoandroid) (< net46) (>= netstandard1.3) (< netstandard1.4)) (&& (< monoandroid) (< net46) (>= netstandard1.4) (< netstandard1.6)) (&& (>= net46) (< netstandard1.4)) (&& (>= net461) (< netstandard1.6)) (>= net463)
    System.Security.Cryptography.Encoding (4.3) - restriction: || (&& (>= net45) (< net46) (>= netstandard1.6)) (&& (>= net45) (>= netstandard1.3)) (>= net463)
    System.Security.Cryptography.Primitives (4.3) - restriction: && (>= net45) (>= netstandard1.3)
    System.Security.Cryptography.X509Certificates (4.3.2) - restriction: || (&& (>= dnxcore50) (>= net45)) (>= net46)
      System.Security.Cryptography.Algorithms (>= 4.3) - restriction: || (>= dnxcore50) (&& (< monoandroid) (< monotouch) (< net46) (>= netstandard1.6) (< xamarinios) (< xamarinmac) (< xamarintvos) (< xamarinwatchos)) (&& (< monoandroid) (< net46) (>= netstandard1.3) (< netstandard1.4)) (&& (< monoandroid) (< net46) (>= netstandard1.4) (< netstandard1.6)) (&& (>= net46) (< netstandard1.4)) (>= net461)
      System.Security.Cryptography.Encoding (>= 4.3) - restriction: || (>= dnxcore50) (&& (< monoandroid) (< monotouch) (< net46) (>= netstandard1.6) (< xamarinios) (< xamarinmac) (< xamarintvos) (< xamarinwatchos)) (&& (< monoandroid) (< net46) (>= netstandard1.3) (< netstandard1.4)) (&& (< monoandroid) (< net46) (>= netstandard1.4) (< netstandard1.6)) (&& (>= net46) (< netstandard1.4)) (>= net461)
    System.Text.Encoding (4.3) - restriction: >= net45
    System.Text.Encoding.Extensions (4.3) - restriction: >= net45
    System.Text.RegularExpressions (4.3) - restriction: >= net45
    System.Threading (4.3) - restriction: >= net45
    System.Threading.Tasks (4.3) - restriction: >= net45
    System.Threading.Timer (4.3) - restriction: && (>= net45) (>= netstandard1.2)
    System.ValueTuple (4.4) - restriction: >= net45
      NETStandard.Library (>= 1.6.1) - restriction: && (< monoandroid) (< monotouch) (< net461) (>= netstandard1.0) (< netstandard2.0) (< xamarinmac) (< xamarintvos) (< xamarinwatchos)
    System.Xml.ReaderWriter (4.3) - restriction: >= net45
    System.Xml.XDocument (4.3) - restriction: >= net45
    WindowsAzure.Storage (9.3.3) - restriction: >= net45
      Microsoft.Azure.KeyVault.Core (>= 1.0) - restriction: || (>= net45) (>= wp8)
      Newtonsoft.Json (>= 10.0.2) - restriction: || (>= net45) (&& (>= netstandard1.0) (< netstandard1.3) (< win8)) (&& (< netstandard1.0) (>= win8)) (&& (>= netstandard1.3) (< win8)) (>= wp8) (>= wpa81)
